GEM
  remote: https://rubygems.org/
  specs:
    async (2.29.0)
      console (~> 1.29)
      fiber-annotation
      io-event (~> 1.11)
      metrics (~> 0.12)
      traces (~> 0.18)
    async-io (1.43.2)
      async
    console (1.33.0)
      fiber-annotation
      fiber-local (~> 1.1)
      json
    fiber-annotation (0.2.0)
    fiber-local (1.1.0)
      fiber-storage
    fiber-storage (1.0.1)
    io-event (1.13.0)
    json (2.13.2)
    language_server-protocol (3.17.0.5)
    logger (1.7.0)
    metrics (0.14.0)
    prism (1.4.0)
    rbs (3.9.4)
      logger
    ruby-lsp (0.18.4)
      language_server-protocol (~> 3.17.0)
      prism (~> 1.0)
      rbs (>= 3, < 4)
      sorbet-runtime (>= 0.5.10782)
    sorbet-runtime (0.6.12479)
    traces (0.18.1)

PLATFORMS
  arm64-darwin-23
  ruby

DEPENDENCIES
  async (~> 2.0)
  async-io (~> 1.30)
  ruby-lsp (~> 0.18.0)

BUNDLED WITH
   2.6.9
